GEM
  remote: http://rubygems.org/
  specs:
    childprocess (0.2.4)
      ffi (~> 1.0.6)
    coffee-script (2.2.0)
      coffee-script-source
      execjs
    coffee-script-source (1.2.0)
    daemons (1.1.5)
    diff-lcs (1.1.3)
    eventmachine (0.12.10)
    execjs (1.2.4)
      multi_json (~> 1.0)
    ffi (1.0.11)
    headless (0.2.2)
    hike (1.2.1)
    jasmine (1.1.2)
      jasmine-core (>= 1.1.0)
      rack (>= 1.1)
      rspec (>= 1.3.1)
      selenium-webdriver (>= 0.1.3)
    jasmine-core (1.1.0)
    libv8 (3.3.10.4)
    multi_json (1.0.4)
    rack (1.3.0)
    rack-asset-compiler (0.2.1)
      rack
    rack-reverse-proxy (0.4.1)
      rack (>= 1.0.0)
    rake (0.9.2.2)
    rspec (2.7.0)
      rspec-core (~> 2.7.0)
      rspec-expectations (~> 2.7.0)
      rspec-mocks (~> 2.7.0)
    rspec-core (2.7.1)
    rspec-expectations (2.7.0)
      diff-lcs (~> 1.1.2)
    rspec-mocks (2.7.0)
    rubyzip (0.9.5)
    sass (3.1.7)
    selenium-webdriver (2.15.0)
      childprocess (>= 0.2.1)
      ffi (~> 1.0.9)
      multi_json (~> 1.0.4)
      rubyzip
    sprockets (2.0.0)
      hike (~> 1.2)
      rack (~> 1.0)
      tilt (~> 1.1, != 1.3.0)
    therubyracer (0.9.9)
      libv8 (~> 3.3.10)
    thin (1.3.1)
      daemons (>= 1.0.9)
      eventmachine (>= 0.12.6)
      rack (>= 1.0.0)
    tilt (1.3.3)
    uglifier (1.2.1)
      execjs (>= 0.3.0)
      multi_json (>= 1.0.2)

PLATFORMS
  ruby

DEPENDENCIES
  coffee-script
  execjs (<= 1.2.4)
  headless
  jasmine
  rack (<= 1.3)
  rack-asset-compiler
  rack-reverse-proxy
  rake
  sass (<= 3.1.7)
  sprockets (<= 2.0.0)
  therubyracer
  thin
  uglifier
